PATH
  remote: .
  specs:
    iron_mq (5.0.2)
      iron_core (>= 0.5.1)

GEM
  remote: https://rubygems.org/
  specs:
    beanstalk-client (1.1.1)
    concur (2.1.1)
    ethon (0.7.0)
      ffi (>= 1.3.0)
    ffi (1.9.3)
    go (1.1.0)
      concur
    iron_core (1.0.4)
      rest (>= 2.6.4)
    iron_worker_ng (1.5.0)
      bundler
      iron_core (>= 1.0.0)
      rubyzip (= 0.9.9)
    minitest (5.3.4)
    net-http-persistent (2.9.4)
    netrc (0.7.7)
    parallel (1.0.0)
    quicky (0.4.0)
    rake (10.3.2)
    rest (2.7.1)
      net-http-persistent (>= 2.9.1)
      rest_client (>= 1.7.1)
    rest_client (1.7.3)
      netrc (~> 0.7.7)
    rubyzip (0.9.9)
    test-unit (2.5.5)
    typhoeus (0.6.8)
      ethon (>= 0.7.0)
    uber_config (1.1.1)

PLATFORMS
  ruby

DEPENDENCIES
  beanstalk-client
  go
  iron_mq!
  iron_worker_ng
  minitest
  net-http-persistent
  parallel
  quicky
  rake
  test-unit
  typhoeus (>= 0.5.4)
  uber_config
