PATH
  remote: .
  specs:
    iron_mq (4.0.3)
      iron_core (>= 0.5.1)

GEM
  remote: https://rubygems.org/
  specs:
    beanstalk-client (1.1.1)
    concur (2.0.0)
    ethon (0.5.11)
      ffi (>= 1.3.0)
      mime-types (~> 1.18)
    ffi (1.7.0)
    iron_core (0.6.0)
      rest (>= 2.2.0)
    iron_worker_ng (0.16.4)
      bundler (>= 1.2.0)
      iron_core (>= 0.5.1)
      rubyzip (>= 0.9.9)
    mime-types (1.22)
    minitest (4.7.1)
    net-http-persistent (2.8)
    quicky (0.4.0)
    rake (10.0.4)
    rest (2.6.0)
      rest-client (>= 0.3.0)
    rest-client (1.6.7)
      mime-types (>= 1.16)
    rubyzip (0.9.9)
    test-unit (2.5.4)
    typhoeus (0.6.3)
      ethon (~> 0.5.11)
    uber_config (1.0.5)

PLATFORMS
  ruby

DEPENDENCIES
  beanstalk-client
  concur
  iron_mq!
  iron_worker_ng
  minitest
  net-http-persistent
  quicky
  rake
  test-unit
  typhoeus (>= 0.5.4)
  uber_config
