PATH
  remote: .
  specs:
    iron_mq (6.0.5)
      iron_core (>= 1.0.12)

GEM
  remote: https://rubygems.org/
  specs:
    beanstalk-client (1.1.1)
    concur (2.1.1)
    go (1.1.0)
      concur
    iron_core (1.0.12)
      rest (>= 3.0.8)
    iron_worker_ng (1.6.10)
      bundler
      iron_core (>= 1.0.6)
      rubyzip (>= 1.0.0)
    minitest (5.11.3)
    net-http-persistent (2.9.4)
    netrc (0.11.0)
    parallel (1.12.1)
    power_assert (1.1.1)
    quicky (0.4.0)
    rake (13.0.1)
    rest (3.0.8)
      net-http-persistent (>= 2.9.1, < 3)
      netrc
    rubyzip (1.2.1)
    test-unit (3.2.7)
      power_assert
    uber_config (1.1.3)

PLATFORMS
  ruby

DEPENDENCIES
  beanstalk-client
  go
  iron_mq!
  iron_worker_ng
  minitest (>= 5.0)
  parallel
  quicky
  rake
  test-unit
  uber_config

BUNDLED WITH
   1.16.1
