PATH
  remote: .
  specs:
    iron_mq (2.0.0)
      iron_core (>= 0.2.0)

GEM
  remote: https://rubygems.org/
  specs:
    addressable (2.2.8)
    beanstalk-client (1.1.1)
    concur (0.1.2)
      em-http-request
      em-http-request
      eventmachine
      eventmachine
      faraday
      faraday
    cookiejar (0.3.0)
    em-http-request (1.0.2)
      addressable (>= 2.2.3)
      cookiejar
      em-socksify
      eventmachine (>= 1.0.0.beta.4)
      http_parser.rb (>= 0.5.3)
    em-socksify (0.2.0)
      eventmachine (>= 1.0.0.beta.4)
    eventmachine (1.0.0.rc.4)
    faraday (0.8.1)
      multipart-post (~> 1.1)
    ffi (1.0.11)
    http_parser.rb (0.5.3)
    iron_core (0.2.0)
      rest (>= 2.0.0)
    mime-types (1.19)
    multipart-post (1.1.5)
    net-http-persistent (2.7)
    rake (0.9.2.2)
    rest (2.0.0)
      net-http-persistent
      rest-client (>= 0.3.0)
    rest-client (1.6.7)
      mime-types (>= 1.16)
    test-unit (2.5.1)
    typhoeus (0.4.2)
      ffi (~> 1.0)
      mime-types (~> 1.18)
    uber_config (0.0.3)

PLATFORMS
  ruby

DEPENDENCIES
  beanstalk-client
  concur
  iron_mq!
  net-http-persistent
  rake
  test-unit
  typhoeus
  uber_config
