PATH
  remote: .
  specs:
    iron_mq (6.0.3)
      iron_core (>= 0.5.1)

GEM
  remote: https://rubygems.org/
  specs:
    beanstalk-client (1.1.1)
    concur (2.1.1)
    ethon (0.7.1)
      ffi (>= 1.3.0)
    ffi (1.9.5)
    go (1.1.0)
      concur
    iron_core (1.0.5)
      rest (>= 2.6.4)
    iron_worker_ng (1.5.0)
      bundler
      iron_core (>= 1.0.0)
      rubyzip (= 0.9.9)
    minitest (5.4.2)
    net-http-persistent (2.9.4)
    netrc (0.7.7)
    parallel (1.3.2)
    power_assert (0.1.4)
    quicky (0.4.0)
    rake (10.3.2)
    rest (2.7.2)
      net-http-persistent (>= 2.9.1)
      rest_client (>= 1.7.1)
    rest_client (1.7.3)
      netrc (~> 0.7.7)
    rubyzip (0.9.9)
    test-unit (3.0.1)
      power_assert
    typhoeus (0.6.9)
      ethon (>= 0.7.1)
    uber_config (1.1.1)

PLATFORMS
  ruby

DEPENDENCIES
  beanstalk-client
  go
  iron_mq!
  iron_worker_ng
  minitest (>= 5.0)
  net-http-persistent (= 2.9.4)
  parallel
  quicky
  rake
  test-unit
  typhoeus (>= 0.5.4)
  uber_config
