PATH
  remote: .
  specs:
    iron_mq (6.0.0.pre2)
      iron_core (>= 0.5.1)

GEM
  remote: https://rubygems.org/
  specs:
    iron_core (1.0.7)
      rest (>= 3.0.4)
    minitest (5.5.1)
    net-http-persistent (2.9.4)
    netrc (0.10.3)
    rake (10.4.2)
    rest (3.0.6)
      net-http-persistent (>= 2.9.1)
      netrc

PLATFORMS
  ruby

DEPENDENCIES
  iron_mq!
  minitest (>= 5.0)
  rake
