PATH
  remote: .
  specs:
    iron_mq (6.0.5)
      iron_core (>= 1.0.12)

GEM
  remote: https://rubygems.org/
  specs:
    beanstalk-client (1.1.1)
    concur (2.1.1)
    go (1.1.0)
      concur
    iron_core (1.0.12)
      rest (>= 3.0.8)
    iron_worker (3.4.2)
      iron_core (>= 1.0.12, < 2)
      json (~> 2.0)
      rest (~> 3.0, >= 3.0.8)
    json (2.6.2)
    minitest (5.11.3)
    net-http-persistent (2.9.4)
    netrc (0.11.0)
    parallel (1.12.1)
    power_assert (1.1.1)
    quicky (0.4.0)
    rake (12.3.1)
    rest (3.0.8)
      net-http-persistent (>= 2.9.1, < 3)
      netrc
    test-unit (3.2.7)
      power_assert
    uber_config (1.1.3)

PLATFORMS
  ruby

DEPENDENCIES
  beanstalk-client
  go
  iron_mq!
  iron_worker
  minitest (>= 5.0)
  parallel
  quicky
  rake
  test-unit
  uber_config

BUNDLED WITH
   1.17.3
